GIT
  remote: git://github.com/bigbinary/handy.git
  revision: 9af9a6ff43a6d990ada726dff2db7ea8974bce0b
  specs:
    handy (0.0.24)
      hashr

GIT
  remote: git://github.com/capistrano/bundler.git
  revision: 079f221b6bf1637097dfd7f8ab392c7f4e0510d1
  specs:
    capistrano-bundler (1.1.1)
      capistrano (~> 3.0)
      sshkit (~> 1.2)

GIT
  remote: git://github.com/capistrano/capistrano.git
  revision: c7dcf87cc746cb6512b7ddd2a1a339bd868cd56d
  specs:
    capistrano (3.1.0)
      i18n
      rake (>= 10.0.0)
      sshkit (~> 1.3)

GIT
  remote: git://github.com/capistrano/rails.git
  revision: f1ea178f7aeccc64b7679cd0bf61d688dc2c612b
  specs:
    capistrano-rails (1.1.1)
      capistrano (~> 3.1)
      capistrano-bundler (~> 1.1)

GIT
  remote: git://github.com/capistrano/rbenv.git
  revision: 8b052cae4b402d881608c9a8d0d96209dccbec8a
  specs:
    capistrano-rbenv (2.0.1)
      capistrano (~> 3.0)
      sshkit (~> 1.3)

GIT
  remote: git://github.com/gregbell/active_admin.git
  revision: 27ecbe1a8fc67b717788040678782f00944ee0dc
  specs:
    activeadmin (1.0.0.pre)
      arbre (~> 1.0)
      bourbon
      coffee-rails
      devise (~> 3.2)
      formtastic (~> 2.3.0.rc2)
      inherited_resources (~> 1.3)
      jquery-rails
      jquery-ui-rails
      kaminari (~> 0.14, != 0.15.0)
      rails (>= 3.2, < 4.1)
      ransack (~> 1.0)
      sass-rails

GIT
  remote: git://github.com/leehambley/sshkit.git
  revision: 52797aeecc07190ca47ec5c3315243cd95b568fd
  specs:
    sshkit (1.3.0)
      net-scp (>= 1.1.2)
      net-ssh
      term-ansicolor

GIT
  remote: git://github.com/rails/coffee-rails.git
  revision: 471ae515b57d484d494eba7e0a1f1016ebcc57e4
  specs:
    coffee-rails (4.0.1)
      coffee-script (>= 2.2.0)
      railties (>= 4.0.0, < 5.0)

GIT
  remote: git://github.com/rails/sass-rails.git
  revision: f65b9005de112b74cd09e5dedeae23603c3b1413
  specs:
    sass-rails (4.0.1)
      railties (>= 4.0.0, < 5.0)
      sass (>= 3.2.0)
      sprockets-rails (~> 2.0.0)

GIT
  remote: git://github.com/rails/sprockets-rails.git
  revision: 7d53c55c96a1f900553038d6354136fed8536c8a
  specs:
    sprockets-rails (2.0.1)
      actionpack (>= 3.0)
      activesupport (>= 3.0)
      sprockets (~> 2.8)

GIT
  remote: git://github.com/seyhunak/twitter-bootstrap-rails.git
  revision: 4d0bd4271f7f01d79bbb2b72c04f30a5766db0ef
  branch: bootstrap3
  specs:
    twitter-bootstrap-rails (2.2.7)
      actionpack (>= 3.1)
      execjs
      rails (>= 3.1)
      railties (>= 3.1)

GEM
  remote: https://rubygems.org/
  specs:
    actionmailer (4.0.2)
      actionpack (= 4.0.2)
      mail (~> 2.5.4)
    actionpack (4.0.2)
      activesupport (= 4.0.2)
      builder (~> 3.1.0)
      erubis (~> 2.7.0)
      rack (~> 1.5.2)
      rack-test (~> 0.6.2)
    activemodel (4.0.2)
      activesupport (= 4.0.2)
      builder (~> 3.1.0)
    activerecord (4.0.2)
      activemodel (= 4.0.2)
      activerecord-deprecated_finders (~> 1.0.2)
      activesupport (= 4.0.2)
      arel (~> 4.0.0)
    activerecord-deprecated_finders (1.0.3)
    activesupport (4.0.2)
      i18n (~> 0.6, >= 0.6.4)
      minitest (~> 4.2)
      multi_json (~> 1.3)
      thread_safe (~> 0.1)
      tzinfo (~> 0.3.37)
    addressable (2.3.5)
    akami (1.2.0)
      gyoku (>= 0.4.0)
      nokogiri (>= 1.4.0)
    angularjs-rails (1.2.7)
    ansi (1.4.3)
    arbre (1.0.1)
      activesupport (>= 3.0.0)
    arel (4.0.1)
    atomic (1.1.14)
    bcrypt-ruby (3.1.2)
    berkshelf (2.0.5)
      activesupport (>= 3.2.0)
      addressable (~> 2.3.4)
      buff-shell_out (~> 0.1)
      celluloid (>= 0.14.0)
      chozo (>= 0.6.1)
      faraday (>= 0.8.5)
      hashie (>= 2.0.2)
      minitar (~> 0.5.4)
      rbzip2 (~> 0.2.0)
      retryable (~> 1.3.3)
      ridley (~> 1.2.1)
      solve (>= 0.5.0)
      thor (~> 0.18.0)
    bourbon (3.1.8)
      sass (>= 3.2.0)
      thor
    buff-extensions (0.5.0)
    buff-ruby_engine (0.1.0)
    buff-shell_out (0.1.1)
      buff-ruby_engine (~> 0.1.0)
    builder (3.1.4)
    cancan (1.6.10)
    celluloid (0.14.1)
      timers (>= 1.0.0)
    celluloid-io (0.14.1)
      celluloid (>= 0.14.1)
      nio4r (>= 0.4.5)
    chef (11.8.2)
      chef-zero (~> 1.6, >= 1.6.2)
      diff-lcs (~> 1.2, >= 1.2.4)
      erubis (~> 2.7)
      highline (~> 1.6, >= 1.6.9)
      json (>= 1.4.4, <= 1.7.7)
      mime-types (~> 1.16)
      mixlib-authentication (~> 1.3)
      mixlib-cli (~> 1.3)
      mixlib-config (~> 2.0)
      mixlib-log (~> 1.3)
      mixlib-shellout (~> 1.2)
      net-ssh (~> 2.6)
      net-ssh-multi (~> 1.1.0)
      ohai (~> 6.0)
      pry (~> 0.9)
      puma (~> 1.6)
      rest-client (>= 1.0.4, < 1.7.0)
      yajl-ruby (~> 1.1)
    chef-zero (1.7.2)
      hashie (~> 2.0)
      json
      mixlib-log (~> 1.3)
      moneta (< 0.7.0)
      rack
    chozo (0.6.1)
      activesupport (>= 3.2.0)
      hashie (>= 2.0.2)
      multi_json (>= 1.3.0)
    coderay (1.1.0)
    coffee-script (2.2.0)
      coffee-script-source
      execjs
    coffee-script-source (1.6.3)
    dalli (2.7.0)
    delayed_job (4.0.0)
      activesupport (>= 3.0, < 4.1)
    delayed_job_active_record (4.0.0)
      activerecord (>= 3.0, < 4.1)
      delayed_job (>= 3.0, < 4.1)
    delayed_job_web (1.2.1)
      activerecord (> 3.0.0)
      delayed_job (> 2.0.3)
      haml (>= 3.1.3)
      rdoc
      sinatra (>= 0.9.2)
    devise (3.2.2)
      bcrypt-ruby (~> 3.0)
      orm_adapter (~> 0.1)
      railties (>= 3.2.6, < 5)
      thread_safe (~> 0.1)
      warden (~> 1.2.3)
    devise-async (0.9.0)
      devise (~> 3.2)
    diff-lcs (1.2.5)
    docile (1.1.2)
    erubis (2.7.0)
    execjs (2.0.2)
    faraday (0.8.9)
      multipart-post (~> 1.2.0)
    ffi (1.9.3)
    formtastic (2.3.0.rc2)
      actionpack (>= 3.0)
    gssapi (1.0.3)
      ffi (>= 1.0.1)
    gyoku (1.1.1)
      builder (>= 2.1.2)
    haml (4.0.5)
      tilt
    has_scope (0.6.0.rc)
      actionpack (>= 3.2, < 5)
      activesupport (>= 3.2, < 5)
    hashie (2.0.5)
    hashr (0.0.22)
    highline (1.6.20)
    hike (1.2.3)
    hitimes (1.2.1)
    httpclient (2.3.4.1)
    httpi (0.9.7)
      rack
    i18n (0.6.9)
    inherited_resources (1.4.1)
      has_scope (~> 0.6.0.rc)
      responders (~> 1.0.0.rc)
    ipaddress (0.8.0)
    j-cap-recipes (0.0.9)
    jquery-rails (3.0.4)
      railties (>= 3.0, < 5.0)
      thor (>= 0.14, < 2.0)
    jquery-ui-rails (4.1.1)
      railties (>= 3.1.0)
    json (1.7.7)
    kaminari (0.14.1)
      actionpack (>= 3.0.0)
      activesupport (>= 3.0.0)
    kgio (2.8.1)
    knife-solo (0.4.1)
      chef (>= 10.12)
      erubis (~> 2.7.0)
      net-ssh (>= 2.2.2, < 3.0)
    knife-solo_data_bag (0.4.0)
    little-plugger (1.1.3)
    logging (1.8.1)
      little-plugger (>= 1.1.3)
      multi_json (>= 1.3.6)
    mail (2.5.4)
      mime-types (~> 1.16)
      treetop (~> 1.4.8)
    memcachier (0.0.2)
    metaclass (0.0.2)
    method_source (0.8.2)
    mime-types (1.25.1)
    mini_portile (0.5.2)
    minitar (0.5.4)
    minitest (4.7.5)
    minitest-reporters (0.14.23)
      ansi
      builder
      minitest (>= 2.12, < 5.0)
      powerbar
    mixlib-authentication (1.3.0)
      mixlib-log
    mixlib-cli (1.4.0)
    mixlib-config (2.1.0)
    mixlib-log (1.6.0)
    mixlib-shellout (1.3.0)
    mocha (1.0.0)
      metaclass (~> 0.0.1)
    moneta (0.6.0)
    multi_json (1.8.4)
    multipart-post (1.2.0)
    net-http-persistent (2.9)
    net-scp (1.1.2)
      net-ssh (>= 2.6.5)
    net-ssh (2.7.0)
    net-ssh-gateway (1.2.0)
      net-ssh (>= 2.6.5)
    net-ssh-multi (1.1)
      net-ssh (>= 2.1.4)
      net-ssh-gateway (>= 0.99.0)
    nio4r (0.5.0)
    nokogiri (1.6.1)
      mini_portile (~> 0.5.0)
    nori (1.1.5)
    ohai (6.20.0)
      ipaddress
      mixlib-cli
      mixlib-config
      mixlib-log
      mixlib-shellout
      systemu (~> 2.5.2)
      yajl-ruby
    orm_adapter (0.5.0)
    pg (0.17.1)
    polyamorous (0.6.4)
      activerecord (>= 3.0)
    polyglot (0.3.3)
    powerbar (1.0.11)
      ansi (~> 1.4.0)
      hashie (>= 1.1.0)
    pry (0.9.12.4)
      coderay (~> 1.0)
      method_source (~> 0.8)
      slop (~> 3.4)
    puma (1.6.3)
      rack (~> 1.2)
    pusher (0.12.0)
      httpclient (~> 2.3.0)
      multi_json (~> 1.0)
      signature (~> 0.1.6)
    quiet_assets (1.0.2)
      railties (>= 3.1, < 5.0)
    rack (1.5.2)
    rack-protection (1.5.1)
      rack
    rack-test (0.6.2)
      rack (>= 1.0)
    rails (4.0.2)
      actionmailer (= 4.0.2)
      actionpack (= 4.0.2)
      activerecord (= 4.0.2)
      activesupport (= 4.0.2)
      bundler (>= 1.3.0, < 2.0)
      railties (= 4.0.2)
      sprockets-rails (~> 2.0.0)
    railties (4.0.2)
      actionpack (= 4.0.2)
      activesupport (= 4.0.2)
      rake (>= 0.8.7)
      thor (>= 0.18.1, < 2.0)
    raindrops (0.12.0)
    rake (10.1.1)
    ransack (1.1.0)
      actionpack (>= 3.0)
      activerecord (>= 3.0)
      polyamorous (~> 0.6.0)
    rbzip2 (0.2.0)
    rdoc (4.1.1)
      json (~> 1.4)
    responders (1.0.0)
      railties (>= 3.2, < 5)
    rest-client (1.6.7)
      mime-types (>= 1.16)
    retryable (1.3.4)
    ridley (1.2.6)
      addressable
      buff-extensions (~> 0.3)
      buff-shell_out (~> 0.1)
      celluloid (~> 0.14.0)
      celluloid-io (~> 0.14.0)
      erubis
      faraday (>= 0.8.4)
      hashie (>= 2.0.2)
      json (>= 1.7.7)
      mixlib-authentication (>= 1.3.0)
      net-http-persistent (>= 2.8)
      net-ssh
      retryable
      solve (>= 0.4.4)
      varia_model (~> 0.1)
      winrm (~> 1.1.0)
    rubyntlm (0.1.1)
    sass (3.2.13)
    savon (0.9.5)
      akami (~> 1.0)
      builder (>= 2.1.2)
      gyoku (>= 0.4.0)
      httpi (~> 0.9)
      nokogiri (>= 1.4.0)
      nori (~> 1.0)
      wasabi (~> 1.0)
    signature (0.1.7)
    simple_form (3.0.1)
      actionpack (>= 4.0.0, < 4.1)
      activemodel (>= 4.0.0, < 4.1)
    simplecov (0.8.2)
      docile (~> 1.1.0)
      multi_json
      simplecov-html (~> 0.8.0)
    simplecov-html (0.8.0)
    sinatra (1.4.4)
      rack (~> 1.4)
      rack-protection (~> 1.4)
      tilt (~> 1.3, >= 1.3.4)
    slop (3.4.7)
    solve (0.8.2)
    sprockets (2.10.1)
      hike (~> 1.2)
      multi_json (~> 1.0)
      rack (~> 1.0)
      tilt (~> 1.1, != 1.3.0)
    state_machine (1.2.0)
    systemu (2.5.2)
    term-ansicolor (1.2.2)
      tins (~> 0.8)
    thor (0.18.1)
    thread_safe (0.1.3)
      atomic
    tilt (1.4.1)
    timers (2.0.0)
      hitimes
    tins (0.13.1)
    treetop (1.4.15)
      polyglot
      polyglot (>= 0.3.1)
    tzinfo (0.3.38)
    uglifier (2.2.1)
      execjs (>= 0.3.0)
      multi_json (~> 1.0, >= 1.0.2)
    unicorn (4.8.0)
      kgio (~> 2.6)
      rack
      raindrops (~> 0.7)
    unicorn-rails (1.1.0)
      rack
      unicorn
    uuidtools (2.1.4)
    varia_model (0.3.0)
      buff-extensions (~> 0.2)
      hashie (>= 2.0.2)
    warden (1.2.3)
      rack (>= 1.0)
    wasabi (1.0.0)
      nokogiri (>= 1.4.0)
    winrm (1.1.3)
      gssapi (~> 1.0.0)
      httpclient (~> 2.2, >= 2.2.0.2)
      logging (~> 1.6, >= 1.6.1)
      nokogiri (~> 1.5)
      rubyntlm (~> 0.1.1)
      savon (= 0.9.5)
      uuidtools (~> 2.1.2)
    yajl-ruby (1.2.0)

PLATFORMS
  ruby

DEPENDENCIES
  activeadmin!
  angularjs-rails
  arel
  berkshelf
  cancan
  capistrano!
  capistrano-bundler!
  capistrano-rails!
  capistrano-rbenv!
  chef
  coffee-rails!
  dalli
  delayed_job_active_record (>= 4.0.0.beta1)
  delayed_job_web (>= 1.2.0)
  devise (>= 3.0.2)
  devise-async
  handy!
  j-cap-recipes
  jquery-rails
  knife-solo
  knife-solo_data_bag
  memcachier
  minitest-reporters
  mocha
  pg
  pusher
  quiet_assets
  rails (= 4.0.2)
  rake
  sass-rails!
  simple_form
  simplecov
  sprockets-rails!
  sshkit!
  state_machine
  twitter-bootstrap-rails!
  uglifier (>= 1.0.3)
  unicorn-rails
